PATH
  remote: .
  specs:
    htmlToPdf (0.0.5)

GEM
  remote: https://rubygems.org/
  specs:
    rake (13.0.6)

PLATFORMS
  ruby

DEPENDENCIES
  bundler (~> 1.6)
  htmlToPdf!
  rake
