PATH
  remote: .
  specs:
    htmlToPdf (0.0.3)

GEM
  remote: https://rubygems.org/
  specs:
    rake (10.3.1)

PLATFORMS
  ruby

DEPENDENCIES
  bundler (~> 1.6)
  htmlToPdf!
  rake
